GIT
  remote: https://github.com/bengler/omniauth-underskog.git
  revision: d8a18e9b2fa37b67543039214e65ee42c4db0e77
  specs:
    omniauth-underskog (1.0.2)
      multi_json
      oauth
      omniauth (>= 1.0.0)
      omniauth-oauth2 (>= 1.0.0)

GEM
  remote: http://rubygems.org/
  specs:
    backports (2.6.4)
    eventmachine (1.0.0)
    faraday (0.8.4)
      multipart-post (~> 1.1)
    haml (3.1.7)
    hashie (1.2.0)
    hoe (3.0.6)
      rake (~> 0.8)
    httpauth (0.2.0)
    jwt (0.1.5)
      multi_json (>= 1.0)
    kgio (2.7.4)
    mime-types (1.19)
    multi_json (1.5.0)
    multipart-post (1.1.5)
    oauth (0.4.7)
    oauth2 (0.8.0)
      faraday (~> 0.8)
      httpauth (~> 0.1)
      jwt (~> 0.1.4)
      multi_json (~> 1.0)
      rack (~> 1.2)
    omniauth (1.1.1)
      hashie (~> 1.2)
      rack
    omniauth-oauth2 (1.1.1)
      oauth2 (~> 0.8.0)
      omniauth (~> 1.0)
    rack (1.4.3)
    rack-protection (1.3.2)
      rack
    rack-test (0.6.2)
      rack (>= 1.0)
    raindrops (0.10.0)
    rake (0.9.2.2)
    rest-client (1.6.7)
      mime-types (>= 1.16)
    sass (3.2.1)
    sinatra (1.3.3)
      rack (>= 1.3.6, ~> 1.3)
      rack-protection (~> 1.2)
      tilt (>= 1.3.3, ~> 1.3)
    sinatra-contrib (1.3.1)
      backports (>= 2.0)
      eventmachine
      rack-protection
      rack-test
      sinatra (~> 1.3.0)
      tilt (~> 1.3)
    sinatra-haml (0.1.1)
      hoe (>= 1.4.0)
      sinatra (> 0.1.7)
    sinatra-reloader (1.0)
      sinatra-contrib
    tilt (1.3.3)
    unicorn (4.1.1)
      kgio (~> 2.4)
      rack
      raindrops (~> 0.6)

PLATFORMS
  ruby

DEPENDENCIES
  haml
  omniauth
  omniauth-underskog!
  rack
  rest-client
  sass
  sinatra
  sinatra-haml
  sinatra-reloader
  unicorn
